NUGET
  remote: https://nuget.org/api/v2
  specs:
    FAKE (4.9.1)
    FSharp.Core (4.0.0.1)
    M3.MiniJson (2.3.1)
    Suave (0.33.0)
      FSharp.Core (>= 3.1.2.5)
